GEM
  remote: https://rubygems.org/
  specs:
    erubi (1.13.0)
    netrc (0.11.0)
    parallel (1.26.3)
    prism (1.0.0)
    rbi (0.2.0)
      prism (~> 1.0)
      sorbet-runtime (>= 0.5.9204)
    sorbet (0.5.11558)
      sorbet-static (= 0.5.11558)
    sorbet-runtime (0.5.11558)
    sorbet-static (0.5.11558-aarch64-linux)
    sorbet-static (0.5.11558-universal-darwin)
    sorbet-static (0.5.11558-x86_64-linux)
    sorbet-static-and-runtime (0.5.11558)
      sorbet (= 0.5.11558)
      sorbet-runtime (= 0.5.11558)
    spoom (1.4.2)
      erubi (>= 1.10.0)
      prism (>= 0.28.0)
      sorbet-static-and-runtime (>= 0.5.10187)
      thor (>= 0.19.2)
    tapioca (0.16.2)
      bundler (>= 2.2.25)
      netrc (>= 0.11.0)
      parallel (>= 1.21.0)
      rbi (~> 0.2)
      sorbet-static-and-runtime (>= 0.5.11087)
      spoom (>= 1.2.0)
      thor (>= 1.2.0)
      yard-sorbet
    thor (1.3.2)
    yard (0.9.37)
    yard-sorbet (0.9.0)
      sorbet-runtime
      yard

PLATFORMS
  aarch64-linux
  arm-linux
  arm64-darwin
  x86-linux
  x86_64-darwin
  x86_64-linux

DEPENDENCIES
  sorbet
  sorbet-runtime
  tapioca

BUNDLED WITH
   2.5.11
